GIT
  remote: git://github.com/rspec/rspec-core.git
  revision: 93e5001b5ae6b299d3efaa727884f6fbaec5b32a
  branch: master
  specs:
    rspec-core (3.4.0.pre)
      rspec-support (= 3.4.0.pre)

GIT
  remote: git://github.com/rspec/rspec-expectations.git
  revision: 7f0d1f6a68fdfa6e8a06518a51e54833baafa2c0
  branch: master
  specs:
    rspec-expectations (3.4.0.pre)
      diff-lcs (>= 1.2.0, < 2.0)
      rspec-support (= 3.4.0.pre)

GIT
  remote: git://github.com/rspec/rspec-mocks.git
  revision: abb875d2cc10998d407b07c93d5686675d36b61c
  branch: master
  specs:
    rspec-mocks (3.4.0.pre)
      diff-lcs (>= 1.2.0, < 2.0)
      rspec-support (= 3.4.0.pre)

GIT
  remote: git://github.com/rspec/rspec-support.git
  revision: 838e6aab14cd472e860b41503c670a6ef5cf9606
  branch: master
  specs:
    rspec-support (3.4.0.pre)

GIT
  remote: git://github.com/rspec/rspec.git
  revision: a064ad487c843770126b9d6dc1e28be689ef09a6
  branch: master
  specs:
    rspec (3.4.0.pre)
      rspec-core (= 3.4.0.pre)
      rspec-expectations (= 3.4.0.pre)
      rspec-mocks (= 3.4.0.pre)

GEM
  remote: https://rubygems.org/
  specs:
    activemodel (4.1.13)
      activesupport (= 4.1.13)
      builder (~> 3.1)
    activerecord (4.1.13)
      activemodel (= 4.1.13)
      activesupport (= 4.1.13)
      arel (~> 5.0.0)
    activesupport (4.1.13)
      i18n (~> 0.6, >= 0.6.9)
      json (~> 1.7, >= 1.7.7)
      minitest (~> 5.1)
      thread_safe (~> 0.1)
      tzinfo (~> 1.1)
    arel (5.0.1.20140414130214)
    builder (3.2.2)
    celluloid (0.17.1.2)
      bundler
      celluloid-essentials
      celluloid-extras
      celluloid-fsm
      celluloid-pool
      celluloid-supervision
      dotenv
      nenv
      rspec-logsplit (>= 0.1.2)
      timers (>= 4.1.1)
    celluloid-essentials (0.20.2.1)
      bundler
      dotenv
      nenv
      rspec-logsplit (>= 0.1.2)
      timers (>= 4.1.1)
    celluloid-extras (0.20.1)
      bundler
      dotenv
      nenv
      rspec-logsplit (>= 0.1.2)
      timers (>= 4.1.1)
    celluloid-fsm (0.20.1)
      bundler
      dotenv
      nenv
      rspec-logsplit (>= 0.1.2)
      timers (>= 4.1.1)
    celluloid-pool (0.20.1)
      bundler
      dotenv
      nenv
      rspec-logsplit (>= 0.1.2)
      timers (>= 4.1.1)
    celluloid-supervision (0.20.1.1)
      bundler
      dotenv
      nenv
      rspec-logsplit (>= 0.1.2)
      timers (>= 4.1.1)
    coderay (1.1.0)
    diff-lcs (1.2.5)
    docile (1.1.5)
    dotenv (2.0.2)
    highline (1.7.6)
    hitimes (1.2.3)
    i18n (0.7.0)
    json (1.8.3)
    method_source (0.8.2)
    minitest (5.8.0)
    nenv (0.2.0)
    net-ssh (2.9.2)
    pg (0.18.3)
    pry (0.10.1)
      coderay (~> 1.1.0)
      method_source (~> 0.8.1)
      slop (~> 3.4)
    rspec-logsplit (0.1.3)
    safe_attributes (1.0.10)
      activerecord (>= 3.0.0)
    simplecov (0.10.0)
      docile (~> 1.1.0)
      json (~> 1.8)
      simplecov-html (~> 0.10.0)
    simplecov-html (0.10.0)
    slop (3.6.0)
    thread_safe (0.3.5)
    timers (4.1.1)
      hitimes
    tzinfo (1.2.2)
      thread_safe (~> 0.1)

PLATFORMS
  ruby

DEPENDENCIES
  activerecord (~> 4.1.8)
  activerecord-jdbc-adapter (~> 1.3)
  activerecord-jdbcpostgresql-adapter
  celluloid
  highline
  jdbc-postgres
  net-ssh
  pg
  pry
  rspec!
  rspec-core!
  rspec-expectations!
  rspec-mocks!
  rspec-support!
  safe_attributes
  simplecov

BUNDLED WITH
   1.10.6
